PATH
  remote: .
  specs:
    snapshoot (0.0.1)
      anima (~> 0.3)
      concord (~> 0.1)
      parser
      rspec (~> 3.4)

GEM
  remote: https://rubygems.org/
  specs:
    abstract_type (0.0.7)
    adamantium (0.2.0)
      ice_nine (~> 0.11.0)
      memoizable (~> 0.4.0)
    anima (0.3.2)
      abstract_type (~> 0.0.7)
      adamantium (~> 0.2)
      equalizer (~> 0.0.11)
    ast (2.4.2)
    concord (0.1.6)
      adamantium (~> 0.2.0)
      equalizer (~> 0.0.9)
    diff-lcs (1.4.4)
    equalizer (0.0.11)
    ice_nine (0.11.2)
    memoizable (0.4.2)
      thread_safe (~> 0.3, >= 0.3.1)
    parallel (1.20.1)
    parser (3.0.2.0)
      ast (~> 2.4.1)
    rainbow (3.0.0)
    rake (13.0.6)
    regexp_parser (2.1.1)
    rexml (3.2.5)
    rspec (3.10.0)
      rspec-core (~> 3.10.0)
      rspec-expectations (~> 3.10.0)
      rspec-mocks (~> 3.10.0)
    rspec-core (3.10.1)
      rspec-support (~> 3.10.0)
    rspec-expectations (3.10.1)
      diff-lcs (>= 1.2.0, < 2.0)
      rspec-support (~> 3.10.0)
    rspec-mocks (3.10.2)
      diff-lcs (>= 1.2.0, < 2.0)
      rspec-support (~> 3.10.0)
    rspec-support (3.10.2)
    rubocop (1.19.1)
      parallel (~> 1.10)
      parser (>= 3.0.0.0)
      rainbow (>= 2.2.2, < 4.0)
      regexp_parser (>= 1.8, < 3.0)
      rexml
      rubocop-ast (>= 1.9.1, < 2.0)
      ruby-progressbar (~> 1.7)
      unicode-display_width (>= 1.4.0, < 3.0)
    rubocop-ast (1.10.0)
      parser (>= 3.0.1.1)
    rubocop-rspec (2.4.0)
      rubocop (~> 1.0)
      rubocop-ast (>= 1.1.0)
    ruby-progressbar (1.11.0)
    thread_safe (0.3.6)
    unicode-display_width (2.0.0)

PLATFORMS
  x86_64-darwin-20

DEPENDENCIES
  rake
  rspec (~> 3.10)
  rubocop (~> 1.19.1)
  rubocop-rspec (~> 2.4.0)
  snapshoot!

RUBY VERSION
   ruby 2.6.7p197

BUNDLED WITH
   2.2.15
